GEM
  remote: https://rubygems.org/
  specs:
    actioncable (5.2.3)
      actionpack (= 5.2.3)
      nio4r (~> 2.0)
      websocket-driver (>= 0.6.1)
    actionmailer (5.2.3)
      actionpack (= 5.2.3)
      actionview (= 5.2.3)
      activejob (= 5.2.3)
      mail (~> 2.5, >= 2.5.4)
      rails-dom-testing (~> 2.0)
    actionpack (5.2.3)
      actionview (= 5.2.3)
      activesupport (= 5.2.3)
      rack (~> 2.0)
      rack-test (>= 0.6.3)
      rails-dom-testing (~> 2.0)
      rails-html-sanitizer (~> 1.0, >= 1.0.2)
    actionview (5.2.3)
      activesupport (= 5.2.3)
      builder (~> 3.1)
      erubi (~> 1.4)
      rails-dom-testing (~> 2.0)
      rails-html-sanitizer (~> 1.0, >= 1.0.3)
    activejob (5.2.3)
      activesupport (= 5.2.3)
      globalid (>= 0.3.6)
    activemodel (5.2.3)
      activesupport (= 5.2.3)
    activerecord (5.2.3)
      activemodel (= 5.2.3)
      activesupport (= 5.2.3)
      arel (>= 9.0)
    activestorage (5.2.3)
      actionpack (= 5.2.3)
      activerecord (= 5.2.3)
      marcel (~> 0.3.1)
    activesupport (5.2.3)
      concurrent-ruby (~> 1.0, >= 1.0.2)
      i18n (>= 0.7, < 2)
      minitest (~> 5.1)
      tzinfo (~> 1.1)
    addressable (2.7.0)
      public_suffix (>= 2.0.2, < 5.0)
    arel (9.0.0)
    atlassian-jwt (0.2.0)
      jwt (~> 2.1.0)
    binding_of_caller (0.8.0)
      debug_inspector (>= 0.0.1)
    bootsnap (1.4.5)
      msgpack (~> 1.0)
    builder (3.2.3)
    byebug (11.0.1)
    coderay (1.1.2)
    concurrent-ruby (1.1.5)
    crack (0.4.3)
      safe_yaml (~> 1.0.0)
    crass (1.0.5)
    database_cleaner (1.7.0)
    debug_inspector (0.0.3)
    diff-lcs (1.3)
    diffy (3.4.2)
    erubi (1.9.0)
    factory_bot (5.0.2)
      activesupport (>= 4.2.0)
    factory_bot_rails (5.0.2)
      factory_bot (~> 5.0.2)
      railties (>= 4.2.0)
    ffi (1.11.2)
    figaro (1.1.1)
      thor (~> 0.14)
    foreman (0.86.0)
    globalid (0.4.2)
      activesupport (>= 4.2.0)
    hashdiff (0.3.9)
    i18n (1.7.0)
      concurrent-ruby (~> 1.0)
    jira-ruby (1.7.1)
      activesupport
      atlassian-jwt
      multipart-post
      oauth (~> 0.5, >= 0.5.0)
    jwt (2.1.0)
    listen (3.1.5)
      rb-fsevent (~> 0.9, >= 0.9.4)
      rb-inotify (~> 0.9, >= 0.9.7)
      ruby_dep (~> 1.2)
    loofah (2.3.1)
      crass (~> 1.0.2)
      nokogiri (>= 1.5.9)
    mail (2.7.1)
      mini_mime (>= 0.1.1)
    marcel (0.3.3)
      mimemagic (~> 0.3.2)
    method_source (0.9.2)
    mimemagic (0.3.3)
    mini_mime (1.0.2)
    mini_portile2 (2.4.0)
    minitest (5.13.0)
    msgpack (1.3.1)
    multipart-post (2.1.1)
    mysql2 (0.5.2)
    nio4r (2.5.2)
    nokogiri (1.10.5)
      mini_portile2 (~> 2.4.0)
    oauth (0.5.4)
    pg (1.1.4)
    power_assert (1.1.5)
    pry (0.12.2)
      coderay (~> 1.1.0)
      method_source (~> 0.9.0)
    pry-byebug (3.7.0)
      byebug (~> 11.0)
      pry (~> 0.10)
    pry-doc (1.0.0)
      pry (~> 0.11)
      yard (~> 0.9.11)
    pry-power_assert (0.0.2)
      power_assert (>= 0.2.0)
      pry (>= 0.9.8)
    pry-rails (0.3.9)
      pry (>= 0.10.4)
    pry-remote (0.1.8)
      pry (~> 0.9)
      slop (~> 3.0)
    pry-stack_explorer (0.4.9.3)
      binding_of_caller (>= 0.7)
      pry (>= 0.9.11)
    public_suffix (4.0.1)
    rack (2.0.8)
    rack-cors (1.0.6)
      rack (>= 1.6.0)
    rack-test (1.1.0)
      rack (>= 1.0, < 3)
    rails (5.2.3)
      actioncable (= 5.2.3)
      actionmailer (= 5.2.3)
      actionpack (= 5.2.3)
      actionview (= 5.2.3)
      activejob (= 5.2.3)
      activemodel (= 5.2.3)
      activerecord (= 5.2.3)
      activestorage (= 5.2.3)
      activesupport (= 5.2.3)
      bundler (>= 1.3.0)
      railties (= 5.2.3)
      sprockets-rails (>= 2.0.0)
    rails-controller-testing (1.0.4)
      actionpack (>= 5.0.1.x)
      actionview (>= 5.0.1.x)
      activesupport (>= 5.0.1.x)
    rails-dom-testing (2.0.3)
      activesupport (>= 4.2.0)
      nokogiri (>= 1.6)
    rails-html-sanitizer (1.3.0)
      loofah (~> 2.3)
    railties (5.2.3)
      actionpack (= 5.2.3)
      activesupport (= 5.2.3)
      method_source
      rake (>= 0.8.7)
      thor (>= 0.19.0, < 2.0)
    rake (13.0.1)
    rb-fsevent (0.10.3)
    rb-inotify (0.10.0)
      ffi (~> 1.0)
    redis (4.1.1)
    redis-actionpack (5.0.2)
      actionpack (>= 4.0, < 6)
      redis-rack (>= 1, < 3)
      redis-store (>= 1.1.0, < 2)
    redis-activesupport (5.0.7)
      activesupport (>= 3, < 6)
      redis-store (>= 1.3, < 2)
    redis-rack (2.0.5)
      rack (>= 1.5, < 3)
      redis-store (>= 1.2, < 2)
    redis-rails (5.0.2)
      redis-actionpack (>= 5.0, < 6)
      redis-activesupport (>= 5.0, < 6)
      redis-store (>= 1.2, < 2)
    redis-store (1.6.0)
      redis (>= 2.2, < 5)
    ridgepole (0.8.5)
      activerecord (>= 5.0.1, < 6.1)
      diffy
    rspec-core (3.8.0)
      rspec-support (~> 3.8.0)
    rspec-expectations (3.8.3)
      diff-lcs (>= 1.2.0, < 2.0)
      rspec-support (~> 3.8.0)
    rspec-mocks (3.8.0)
      diff-lcs (>= 1.2.0, < 2.0)
      rspec-support (~> 3.8.0)
    rspec-rails (3.8.2)
      actionpack (>= 3.0)
      activesupport (>= 3.0)
      railties (>= 3.0)
      rspec-core (~> 3.8.0)
      rspec-expectations (~> 3.8.0)
      rspec-mocks (~> 3.8.0)
      rspec-support (~> 3.8.0)
    rspec-support (3.8.0)
    ruby_dep (1.5.0)
    safe_yaml (1.0.5)
    slop (3.6.0)
    spring (2.1.0)
    spring-watcher-listen (2.0.1)
      listen (>= 2.7, < 4.0)
      spring (>= 1.2, < 3.0)
    sprockets (4.0.0)
      concurrent-ruby (~> 1.0)
      rack (> 1, < 3)
    sprockets-rails (3.2.1)
      actionpack (>= 4.0)
      activesupport (>= 4.0)
      sprockets (>= 3.0.0)
    thor (0.20.3)
    thread_safe (0.3.6)
    tzinfo (1.2.5)
      thread_safe (~> 0.1)
    webmock (3.5.1)
      addressable (>= 2.3.6)
      crack (>= 0.3.2)
      hashdiff
    websocket-driver (0.7.1)
      websocket-extensions (>= 0.1.0)
    websocket-extensions (0.1.4)
    yard (0.9.20)

PLATFORMS
  ruby

DEPENDENCIES
  bootsnap (>= 1.1.0)
  byebug
  database_cleaner
  factory_bot_rails
  figaro
  foreman
  jira-ruby
  listen (>= 3.0.5, < 3.2)
  mysql2 (>= 0.4.4, < 0.6.0)
  pg
  pry
  pry-byebug
  pry-doc
  pry-power_assert
  pry-rails
  pry-remote
  pry-stack_explorer
  rack-cors
  rails (~> 5.2.3)
  rails-controller-testing
  redis-rails
  ridgepole
  rspec-rails (~> 3.8)
  spring
  spring-watcher-listen (~> 2.0.0)
  tzinfo-data
  webmock

RUBY VERSION
   ruby 2.6.1p33

BUNDLED WITH
   2.0.2
